PATH
  remote: .
  specs:
    minitest-rspec-mocks (0.0.1)
      minitest
      rspec-mocks

GEM
  remote: https://rubygems.org/
  specs:
    minitest (4.7.1)
    rake (10.1.0)
    rspec-mocks (2.12.2)

PLATFORMS
  ruby

DEPENDENCIES
  bundler (~> 1.3)
  minitest-rspec-mocks!
  rake
