PATH
  remote: .
  specs:
    minitest-rspec_mocks (0.1.0)
      minitest (>= 4.0, < 5.3)
      rspec-mocks (>= 2.14, <= 3.0.0)

GEM
  remote: https://rubygems.org/
  specs:
    minitest (5.2.2)
    rake (10.1.1)
    rspec-mocks (2.14.4)

PLATFORMS
  ruby

DEPENDENCIES
  bundler (~> 1.3)
  minitest-rspec_mocks!
  rake
